PATH
  remote: .
  specs:
    lineup (0.1.0)

GEM
  remote: https://rubygems.org/
  specs:
    childprocess (0.5.5)
      ffi (~> 1.0, >= 1.0.11)
    chunky_png (1.3.4)
    commonwatir (4.0.0)
    diff-lcs (1.2.5)
    dimensions (1.3.0)
    ffi (1.9.6)
    headless (2.0.0)
    multi_json (1.11.0)
    oily_png (1.2.0)
      chunky_png (~> 1.3.1)
    pxdoppelganger (0.1.1)
    rspec (3.2.0)
      rspec-core (~> 3.2.0)
      rspec-expectations (~> 3.2.0)
      rspec-mocks (~> 3.2.0)
    rspec-core (3.2.3)
      rspec-support (~> 3.2.0)
    rspec-expectations (3.2.1)
      diff-lcs (>= 1.2.0, < 2.0)
      rspec-support (~> 3.2.0)
    rspec-mocks (3.2.1)
      diff-lcs (>= 1.2.0, < 2.0)
      rspec-support (~> 3.2.0)
    rspec-support (3.2.2)
    rubyzip (1.1.7)
    selenium-webdriver (2.46.2)
      childprocess (~> 0.5)
      multi_json (~> 1.0)
      rubyzip (~> 1.0)
      websocket (~> 1.0)
    watir (5.0.0)
      commonwatir (~> 4)
      watir-webdriver
    watir-webdriver (0.7.0)
      selenium-webdriver (>= 2.45)
    websocket (1.2.1)

PLATFORMS
  ruby

DEPENDENCIES
  dimensions
  headless
  lineup!
  oily_png
  pxdoppelganger (= 0.1.1)
  rspec
  selenium-webdriver
  watir
  watir-webdriver

BUNDLED WITH
   1.10.6
